PATH
  remote: .
  specs:
    rails-security-backports (0.0.2)

GEM
  remote: https://rubygems.org/
  specs:
    actionmailer (1.3.6)
      actionpack (= 1.13.6)
    actionpack (1.13.6)
      activesupport (= 1.4.4)
    actionwebservice (1.2.6)
      actionpack (= 1.13.6)
      activerecord (= 1.15.6)
    activerecord (1.15.6)
      activesupport (= 1.4.4)
    activesupport (1.4.4)
    rails (1.2.6)
      actionmailer (= 1.3.6)
      actionpack (= 1.13.6)
      actionwebservice (= 1.2.6)
      activerecord (= 1.15.6)
      activesupport (= 1.4.4)
      rake (>= 0.7.2)
    rake (0.9.2)

PLATFORMS
  ruby

DEPENDENCIES
  rails (~> 1.2)
  rails-security-backports!
  rake (= 0.9.2)
